{
	"Modality": "MR",
	"MagneticFieldStrength": 3,
	"ImagingFrequency": 123.24,
	"Manufacturer": "Siemens",
	"ManufacturersModelName": "Biograph_mMR",
	"InstitutionName": "Monash_Biomedical_Imaging",
	"InstitutionalDepartmentName": "Department",
	"InstitutionAddress": "Blackburn_Road_770_Clayton_Victoria_AU_3168",
	"DeviceSerialNumber": "51066",
	"StationName": "MRC51066",
	"PatientPosition": "HFS",
	"ProcedureStepDescription": "MR-PET_Scan",
	"SoftwareVersions": "syngo_MR_B20P",
	"MRAcquisitionType": "3D",
	"SeriesDescription": "Head_t1_mprage_sag_1_iso",
	"ProtocolName": "Head_t1_mprage_sag_1_iso",
	"ScanningSequence": "GR_IR",
	"SequenceVariant": "SP_MP",
	"ScanOptions": "IR",
	"SequenceName": "_tfl3d1_ns",
	"ImageType": ["ORIGINAL", "PRIMARY", "M", "ND", "NORM"],
	"SeriesNumber": 10,
	"AcquisitionTime": "12:59:47.405000",
	"AcquisitionNumber": 1,
	"SliceThickness": 1,
	"SAR": 0.0452021,
	"EchoTime": 0.00234,
	"RepetitionTime": 1.64,
	"InversionTime": 0.9,
	"FlipAngle": 8,
	"CoilString": "T:HEA;HEP;NEP",
	"PercentPhaseFOV": 100,
	"PercentSampling": 100,
	"PhaseEncodingSteps": 255,
	"AcquisitionMatrixPE": 256,
	"ReconMatrixPE": 256,
	"ParallelReductionFactorInPlane": 2,
	"PixelBandwidth": 190,
	"DwellTime": 1.03e-05,
	"ImageOrientationPatientDICOM": [
		0.135758,
		0.990742,
		-1.44599e-08,
		0.0310015,
		-0.00424805,
		-0.99951	],
	"InPlanePhaseEncodingDirectionDICOM": "ROW",
	"ConversionSoftware": "dcm2niix",
	"ConversionSoftwareVersion": "v1.0.20200331"
}
