{
  "PhaseEncodingDirection": "i",
  "TxRefAmp": 306.908,
  "InstitutionName": "Monash_Biomedical_Imaging",
  "SliceTiming": [
    0.235,
    -0.001,
    -0.001,
    -0.001,
    -0.001,
    -0.001,
    -0.001,
    -0.001,
    -0.001,
    -0.001,
    -0.001,
    -0.001,
    -0.001,
    -0.001,
    -0.001,
    -0.001,
    -0.001,
    -0.001,
    -0.001,
    -0.001,
    -0.001,
    -0.001,
    -0.001,
    -0.001,
    -0.001,
    -0.001,
    -0.001,
    -0.001,
    -0.001,
    -0.001,
    -0.001,
    -0.001,
    -0.001,
    -0.001,
    -0.001,
    -0.001,
    -0.001,
    -0.001,
    -0.001,
    -0.001,
    -0.001,
    -0.001,
    -0.001,
    -0.001
  ],
  "SliceThickness": 3,
  "SpacingBetweenSlices": 3,
  "EchoTime": 0.00492,
  "StationName": "MRC51066",
  "PhaseEncodingSteps": 64,
  "ManufacturersModelName": "Biograph_mMR",
  "PercentPhaseFOV": 100,
  "SoftwareVersions": "syngo_MR_B20P",
  "InstitutionAddress": "Blackburn_Road_770_Clayton_Victoria_AU_3168",
  "AcquisitionMatrixPE": 64,
  "ImagingFrequency": 123.24,
  "PhaseResolution": 1,
  "AcquisitionNumber": 1,
  "AcquisitionTime": "15:24:23.980000",
  "Manufacturer": "Siemens",
  "SeriesNumber": 14,
  "InPlanePhaseEncodingDirectionDICOM": "ROW",
  "SeriesDescription": "straight_gre_field_mapping",
  "EchoNumber": 1,
  "MagneticFieldStrength": 3,
  "ShimSetting": [
    -8341,
    -1009,
    -3952,
    417,
    -171,
    -447,
    -321,
    -263
  ],
  "SequenceVariant": "SP",
  "SequenceName": "_fm2d2r",
  "PercentSampling": 100,
  "RepetitionTime": 0.466,
  "ImageOrientationPatientDICOM": [
    0.999989,
    5.01288e-05,
    -0.0047666,
    2.06336e-10,
    0.999945,
    0.0105161
  ],
  "SAR": 0.104492,
  "ConversionSoftware": "dcm2niix",
  "MRAcquisitionType": "2D",
  "ScanningSequence": "GR",
  "ReceiveCoilName": "HeadNeck_MRPET",
  "PulseSequenceDetails": "%SiemensSeq%_gre_field_mapping",
  "DeviceSerialNumber": "51066",
  "ProcedureStepDescription": "MR-PET_Scan",
  "PixelBandwidth": 260,
  "InstitutionalDepartmentName": "Department",
  "Modality": "MR",
  "IntendedFor": [
    "func/sub-25_task-rest_run-1_bold.nii.gz",
    "func/sub-25_task-rest_run-2_bold.nii.gz",
    "func/sub-25_task-rest_run-3_bold.nii.gz",
    "func/sub-25_task-rest_run-4_bold.nii.gz",
    "func/sub-25_task-rest_run-5_bold.nii.gz",
    "func/sub-25_task-rest_run-6_bold.nii.gz"
  ],
  "PartialFourier": 1,
  "ConversionSoftwareVersion": "v1.0.20200331",
  "PatientPosition": "HFS",
  "ImageType": [
    "ORIGINAL",
    "PRIMARY",
    "M",
    "ND",
    "NORM"
  ],
  "CoilString": "C:HEA;HEP",
  "ReconMatrixPE": 64,
  "ProtocolName": "straight_gre_field_mapping",
  "FlipAngle": 60,
  "BaseResolution": 64,
  "DwellTime": 3e-05
}