{
  "PhaseEncodingDirection": "i",
  "TxRefAmp": 293.219,
  "InstitutionName": "Monash_Biomedical_Imaging",
  "SliceTiming": [
    0.7025,
    -0.001,
    -0.001,
    -0.001,
    -0.001,
    -0.001,
    -0.001,
    -0.001,
    -0.001,
    -0.001,
    -0.001,
    -0.001,
    -0.001,
    -0.001,
    -0.001,
    -0.001,
    -0.001,
    -0.001,
    -0.001,
    -0.001,
    -0.001,
    -0.001,
    -0.001,
    -0.001,
    -0.001,
    -0.001,
    -0.001,
    -0.001,
    -0.001,
    -0.001,
    -0.001,
    -0.001,
    -0.001,
    -0.001,
    -0.001,
    -0.001,
    -0.001,
    -0.001,
    -0.001,
    -0.001,
    -0.001,
    -0.001,
    -0.001,
    -0.001
  ],
  "SliceThickness": 3,
  "SpacingBetweenSlices": 3,
  "EchoTime": 0.00738,
  "StationName": "MRC51066",
  "PhaseEncodingSteps": 64,
  "ManufacturersModelName": "Biograph_mMR",
  "PercentPhaseFOV": 100,
  "SoftwareVersions": "syngo_MR_B20P",
  "InstitutionAddress": "Blackburn_Road_770_Clayton_Victoria_AU_3168",
  "AcquisitionMatrixPE": 64,
  "ImagingFrequency": 123.24,
  "PhaseResolution": 1,
  "AcquisitionNumber": 1,
  "AcquisitionTime": "11:02:32.252500",
  "Manufacturer": "Siemens",
  "SeriesNumber": 15,
  "InPlanePhaseEncodingDirectionDICOM": "ROW",
  "SeriesDescription": "gre_field_mapping",
  "EchoNumber": 2,
  "MagneticFieldStrength": 3,
  "ShimSetting": [
    -8348,
    -1191,
    -4208,
    316,
    -293,
    -1113,
    -1515,
    -140
  ],
  "SequenceVariant": "SP",
  "SequenceName": "_fm2d2r",
  "PercentSampling": 100,
  "RepetitionTime": 0.466,
  "ImageOrientationPatientDICOM": [
    1,
    1.30107e-05,
    0.000109284,
    2.04825e-10,
    0.992987,
    -0.118222
  ],
  "SAR": 0.110489,
  "ConversionSoftware": "dcm2niix",
  "MRAcquisitionType": "2D",
  "ScanningSequence": "GR",
  "ReceiveCoilName": "HeadNeck_MRPET",
  "PulseSequenceDetails": "%SiemensSeq%_gre_field_mapping",
  "DeviceSerialNumber": "51066",
  "ProcedureStepDescription": "MR-PET_Scan",
  "PixelBandwidth": 260,
  "InstitutionalDepartmentName": "Department",
  "Modality": "MR",
  "IntendedFor": [
    "func/sub-03_task-rest_run-1_bold.nii.gz",
    "func/sub-03_task-rest_run-2_bold.nii.gz",
    "func/sub-03_task-rest_run-3_bold.nii.gz",
    "func/sub-03_task-rest_run-4_bold.nii.gz",
    "func/sub-03_task-rest_run-5_bold.nii.gz",
    "func/sub-03_task-rest_run-6_bold.nii.gz"
  ],
  "PartialFourier": 1,
  "ConversionSoftwareVersion": "v1.0.20200331",
  "PatientPosition": "HFS",
  "ImageType": [
    "ORIGINAL",
    "PRIMARY",
    "M",
    "ND",
    "NORM"
  ],
  "CoilString": "C:HEA;HEP;NEP",
  "ReconMatrixPE": 64,
  "ProtocolName": "gre_field_mapping",
  "FlipAngle": 60,
  "BaseResolution": 64,
  "DwellTime": 3e-05
}