{
  "PhaseEncodingDirection": "i",
  "InstitutionName": "Monash_Biomedical_Imaging",
  "SliceTiming": [
    0.705,
    -0.001,
    -0.001,
    -0.001,
    -0.001,
    -0.001,
    -0.001,
    -0.001,
    -0.001,
    -0.001,
    -0.001,
    -0.001,
    -0.001,
    -0.001,
    -0.001,
    -0.001,
    -0.001,
    -0.001,
    -0.001,
    -0.001,
    -0.001,
    -0.001,
    -0.001,
    -0.001,
    -0.001,
    -0.001,
    -0.001,
    -0.001,
    -0.001,
    -0.001,
    -0.001,
    -0.001,
    -0.001,
    -0.001,
    -0.001,
    -0.001,
    -0.001,
    -0.001,
    -0.001,
    -0.001,
    -0.001,
    -0.001,
    -0.001,
    -0.001
  ],
  "SliceThickness": 3,
  "SpacingBetweenSlices": 3,
  "StationName": "MRC51066",
  "PhaseEncodingSteps": 64,
  "ManufacturersModelName": "Biograph_mMR",
  "PercentPhaseFOV": 100,
  "SoftwareVersions": "syngo_MR_B20P",
  "InstitutionAddress": "Blackburn_Road_770_Clayton_Victoria_AU_3168",
  "AcquisitionMatrixPE": 64,
  "ImagingFrequency": 123.24,
  "EchoTime": 0.00738,
  "AcquisitionNumber": 1,
  "AcquisitionTime": "13:14:47.302500",
  "Manufacturer": "Siemens",
  "SeriesNumber": 14,
  "InPlanePhaseEncodingDirectionDICOM": "ROW",
  "SeriesDescription": "straight_gre_field_mapping",
  "PatientPosition": "HFS",
  "MagneticFieldStrength": 3,
  "ReconMatrixPE": 64,
  "SequenceVariant": "SP",
  "SequenceName": "_fm2d2r",
  "PercentSampling": 100,
  "RepetitionTime": 0.466,
  "ImageOrientationPatientDICOM": [
    0.999995,
    2.71722e-05,
    -0.0030731,
    2.05347e-10,
    0.999961,
    0.0088417
  ],
  "SAR": 0.08508,
  "ConversionSoftware": "dcm2niix",
  "MRAcquisitionType": "2D",
  "ScanningSequence": "GR",
  "EchoNumber": 2,
  "DeviceSerialNumber": "51066",
  "ProcedureStepDescription": "MR-PET_Scan",
  "PixelBandwidth": 260,
  "Modality": "MR",
  "IntendedFor": [
    "func/sub-11_task-rest_run-1_bold.nii.gz",
    "func/sub-11_task-rest_run-2_bold.nii.gz",
    "func/sub-11_task-rest_run-3_bold.nii.gz",
    "func/sub-11_task-rest_run-4_bold.nii.gz",
    "func/sub-11_task-rest_run-5_bold.nii.gz",
    "func/sub-11_task-rest_run-6_bold.nii.gz"
  ],
  "ConversionSoftwareVersion": "v1.0.20200331",
  "ImageType": [
    "ORIGINAL",
    "PRIMARY",
    "M",
    "ND",
    "NORM"
  ],
  "CoilString": "C:HEA;HEP;NEP",
  "InstitutionalDepartmentName": "Department",
  "ProtocolName": "straight_gre_field_mapping",
  "FlipAngle": 60,
  "DwellTime": 3e-05
}