{
  "PhaseEncodingDirection": "i",
  "TxRefAmp": 304.133,
  "InstitutionName": "Monash_Biomedical_Imaging",
  "SliceTiming": [
    0.705,
    -0.001,
    -0.001,
    -0.001,
    -0.001,
    -0.001,
    -0.001,
    -0.001,
    -0.001,
    -0.001,
    -0.001,
    -0.001,
    -0.001,
    -0.001,
    -0.001,
    -0.001,
    -0.001,
    -0.001,
    -0.001,
    -0.001,
    -0.001,
    -0.001,
    -0.001,
    -0.001,
    -0.001,
    -0.001,
    -0.001,
    -0.001,
    -0.001,
    -0.001,
    -0.001,
    -0.001,
    -0.001,
    -0.001,
    -0.001,
    -0.001,
    -0.001,
    -0.001,
    -0.001,
    -0.001,
    -0.001,
    -0.001,
    -0.001,
    -0.001
  ],
  "SliceThickness": 3,
  "SpacingBetweenSlices": 3,
  "StationName": "MRC51066",
  "PhaseEncodingSteps": 64,
  "ManufacturersModelName": "Biograph_mMR",
  "PercentPhaseFOV": 100,
  "SoftwareVersions": "syngo_MR_B20P",
  "EchoTime2": 0.00738,
  "InstitutionAddress": "Blackburn_Road_770_Clayton_Victoria_AU_3168",
  "AcquisitionMatrixPE": 64,
  "ImagingFrequency": 123.24,
  "DwellTime": 3e-05,
  "PhaseResolution": 1,
  "AcquisitionNumber": 1,
  "AcquisitionTime": "10:41:29.272500",
  "Manufacturer": "Siemens",
  "SeriesNumber": 15,
  "InPlanePhaseEncodingDirectionDICOM": "ROW",
  "SeriesDescription": "straight_gre_field_mapping",
  "EchoNumber": 2,
  "MagneticFieldStrength": 3,
  "ShimSetting": [
    -8338,
    -893,
    -3841,
    342,
    -363,
    -89,
    -626,
    -174
  ],
  "SequenceVariant": "SP",
  "SequenceName": "_fm2d2r",
  "PercentSampling": 100,
  "RepetitionTime": 0.466,
  "ImageOrientationPatientDICOM": [
    0.999313,
    -0.0296957,
    0.0221847,
    0.0296589,
    0.999558,
    0.00198775
  ],
  "SAR": 0.0935615,
  "EchoTime1": 0.00492,
  "MRAcquisitionType": "2D",
  "ConversionSoftware": "dcm2niix",
  "ReceiveCoilName": "HeadNeck_MRPET",
  "PulseSequenceDetails": "%SiemensSeq%_gre_field_mapping",
  "DeviceSerialNumber": "51066",
  "ProcedureStepDescription": "MR-PET_Scan",
  "PixelBandwidth": 260,
  "InstitutionalDepartmentName": "Department",
  "Modality": "MR",
  "PartialFourier": 1,
  "IntendedFor": [
    "func/sub-10_task-rest_run-1_bold.nii.gz",
    "func/sub-10_task-rest_run-2_bold.nii.gz",
    "func/sub-10_task-rest_run-3_bold.nii.gz",
    "func/sub-10_task-rest_run-4_bold.nii.gz",
    "func/sub-10_task-rest_run-5_bold.nii.gz",
    "func/sub-10_task-rest_run-6_bold.nii.gz"
  ],
  "ConversionSoftwareVersion": "v1.0.20200331",
  "PatientPosition": "HFS",
  "ImageType": [
    "ORIGINAL",
    "PRIMARY",
    "P",
    "ND",
    "PHASE"
  ],
  "CoilString": "C:HEA;HEP;NEP",
  "ReconMatrixPE": 64,
  "ProtocolName": "straight_gre_field_mapping",
  "FlipAngle": 60,
  "BaseResolution": 64,
  "ScanningSequence": "GR"
}