{
	"Modality": "MR",
	"MagneticFieldStrength": 3,
	"ImagingFrequency": 123.24,
	"Manufacturer": "Siemens",
	"ManufacturersModelName": "Biograph_mMR",
	"InstitutionName": "Monash_Biomedical_Imaging",
	"InstitutionalDepartmentName": "Department",
	"InstitutionAddress": "Blackburn_Road_770_Clayton_Victoria_AU_3168",
	"DeviceSerialNumber": "51066",
	"StationName": "MRC51066",
	"PatientPosition": "HFS",
	"ProcedureStepDescription": "MR-PET_Scan",
	"SoftwareVersions": "syngo_MR_B20P",
	"MRAcquisitionType": "3D",
	"SeriesDescription": "Head_t1_mprage_sag_1_iso",
	"ProtocolName": "Head_t1_mprage_sag_1_iso",
	"ScanningSequence": "GR_IR",
	"SequenceVariant": "SP_MP",
	"ScanOptions": "IR",
	"SequenceName": "_tfl3d1_ns",
	"ImageType": ["ORIGINAL", "PRIMARY", "M", "ND", "NORM"],
	"SeriesNumber": 10,
	"AcquisitionTime": "14:21:15.532500",
	"AcquisitionNumber": 1,
	"SliceThickness": 1,
	"SAR": 0.0474121,
	"EchoTime": 0.00234,
	"RepetitionTime": 1.64,
	"InversionTime": 0.9,
	"FlipAngle": 8,
	"PartialFourier": 1,
	"BaseResolution": 256,
	"ShimSetting": [
		-8356,
		-914,
		-4234,
		-36,
		-238,
		48,
		-320,
		-142	],
	"TxRefAmp": 290.378,
	"PhaseResolution": 1,
	"ReceiveCoilName": "HeadNeck_MRPET",
	"CoilString": "T:HEA;HEP",
	"PulseSequenceDetails": "%SiemensSeq%_tfl",
	"RefLinesPE": 24,
	"PercentPhaseFOV": 100,
	"PercentSampling": 100,
	"PhaseEncodingSteps": 255,
	"AcquisitionMatrixPE": 256,
	"ReconMatrixPE": 256,
	"ParallelReductionFactorInPlane": 2,
	"PixelBandwidth": 190,
	"DwellTime": 1.03e-05,
	"ImageOrientationPatientDICOM": [
		0.0192157,
		0.999815,
		-1.79469e-08,
		-0.0122574,
		0.00023556,
		-0.999925	],
	"InPlanePhaseEncodingDirectionDICOM": "ROW",
	"ConversionSoftware": "dcm2niix",
	"ConversionSoftwareVersion": "v1.0.20200331"
}
