{
    "AcquisitionTime": "13:33:11.280000",
    "ImageType": [
        "ORIGINAL",
        "PRIMARY",
        "M",
        "ND",
        "NORM",
        "MOSAIC"
    ],
    "ProtocolName": "Resting_2_ep2d_task_bold",
    "FlipAngle": 90,
    "ReceiveCoilActiveElements": "T:HEA;HEP",
    "EchoTime": 0.03,
    "SliceThickness": 3,
    "MRAcquisitionType": "2D",
    "SoftwareVersions": "syngo_MR_B20P",
    "DeviceSerialNumber": "51066",
    "MagneticFieldStrength": 3,
    "InstitutionName": "Monash_Biomedical_Imaging",
    "SeriesDescription": "Resting_2_ep2d_task_bold",
    "ScanningSequence": "EP",
    "EffectiveEchoSpacing": 0.000275001,
    "ConversionSoftwareVersion": "v1.0.20200331",
    "CoilString": "NN",
    "SpacingBetweenSlices": 3,
    "BandwidthPerPixelPhaseEncode": 56.818,
    "TotalReadoutTime": 0.0173251,
    "PercentPhaseFOV": 100,
    "PatientPosition": "HFS",
    "StationName": "MRC51066",
    "Manufacturer": "Siemens",
    "ScanOptions": "FS",
    "PhaseEncodingDirection": "i",
    "Modality": "MR",
    "ConversionSoftware": "dcm2niix",
    "ParallelReductionFactorInPlane": 2,
    "ReconMatrixPE": 64,
    "DerivedVendorReportedEchoSpacing": 0.000550002,
    "ImagingFrequency": 123.24,
    "AcquisitionMatrixPE": 64,
    "SeriesNumber": 32,
    "InstitutionAddress": "Blackburn_Road_770_Clayton_Victoria_AU_3168",
    "SliceTiming": [
        1.225,
        0.0,
        1.2806818181818183,
        0.055681818181818186,
        1.3363636363636364,
        0.11136363636363637,
        1.3920454545454546,
        0.16704545454545455,
        1.4477272727272728,
        0.22272727272727275,
        1.5034090909090911,
        0.27840909090909094,
        1.5590909090909093,
        0.3340909090909091,
        1.6147727272727275,
        0.3897727272727273,
        1.6704545454545456,
        0.4454545454545455,
        1.7261363636363638,
        0.5011363636363637,
        1.781818181818182,
        0.5568181818181819,
        1.8375000000000001,
        0.6125,
        1.8931818181818183,
        0.6681818181818182,
        1.9488636363636365,
        0.7238636363636364,
        2.004545454545455,
        0.7795454545454547,
        2.060227272727273,
        0.8352272727272728,
        2.115909090909091,
        0.890909090909091,
        2.1715909090909093,
        0.9465909090909091,
        2.2272727272727275,
        1.0022727272727274,
        2.2829545454545457,
        1.0579545454545456,
        2.338636363636364,
        1.1136363636363638,
        2.394318181818182,
        1.169318181818182
    ],
    "ProcedureStepDescription": "MR-PET_Scan",
    "SequenceVariant": "SK",
    "ImageOrientationPatientDICOM": [
        0.999977,
        0.000118679,
        0.00678036,
        2.03537e-10,
        0.999847,
        -0.0175007
    ],
    "RepetitionTime": 2.45,
    "AcquisitionNumber": 1,
    "ManufacturersModelName": "Biograph_mMR",
    "InPlanePhaseEncodingDirectionDICOM": "ROW",
    "PixelBandwidth": 2367,
    "PercentSampling": 100,
    "TaskName": "rest"
}