{
  "PhaseEncodingDirection": "i",
  "TxRefAmp": 285.428,
  "InstitutionName": "Monash_Biomedical_Imaging",
  "SliceTiming": [
    0.705,
    -0.001,
    -0.001,
    -0.001,
    -0.001,
    -0.001,
    -0.001,
    -0.001,
    -0.001,
    -0.001,
    -0.001,
    -0.001,
    -0.001,
    -0.001,
    -0.001,
    -0.001,
    -0.001,
    -0.001,
    -0.001,
    -0.001,
    -0.001,
    -0.001,
    -0.001,
    -0.001,
    -0.001,
    -0.001,
    -0.001,
    -0.001,
    -0.001,
    -0.001,
    -0.001,
    -0.001,
    -0.001,
    -0.001,
    -0.001,
    -0.001,
    -0.001,
    -0.001,
    -0.001,
    -0.001,
    -0.001,
    -0.001,
    -0.001,
    -0.001
  ],
  "SliceThickness": 3,
  "SpacingBetweenSlices": 3,
  "EchoTime": 0.00738,
  "StationName": "MRC51066",
  "PhaseEncodingSteps": 64,
  "ManufacturersModelName": "Biograph_mMR",
  "PercentPhaseFOV": 100,
  "SoftwareVersions": "syngo_MR_B20P",
  "InstitutionAddress": "Blackburn_Road_770_Clayton_Victoria_AU_3168",
  "AcquisitionMatrixPE": 64,
  "ImagingFrequency": 123.24,
  "PhaseResolution": 1,
  "AcquisitionNumber": 1,
  "AcquisitionTime": "12:45:41.432500",
  "Manufacturer": "Siemens",
  "SeriesNumber": 13,
  "InPlanePhaseEncodingDirectionDICOM": "ROW",
  "SeriesDescription": "gre_field_mapping",
  "EchoNumber": 2,
  "MagneticFieldStrength": 3,
  "ShimSetting": [
    -8368,
    -624,
    -3942,
    568,
    -498,
    692,
    -1024,
    -78
  ],
  "SequenceVariant": "SP",
  "SequenceName": "_fm2d2r",
  "PercentSampling": 100,
  "RepetitionTime": 0.466,
  "ImageOrientationPatientDICOM": [
    0.999532,
    -0.00320568,
    0.0304072,
    1.96291e-10,
    0.994489,
    0.104844
  ],
  "SAR": 0.10418,
  "ConversionSoftware": "dcm2niix",
  "MRAcquisitionType": "2D",
  "ScanningSequence": "GR",
  "ReceiveCoilName": "HeadNeck_MRPET",
  "PulseSequenceDetails": "%SiemensSeq%_gre_field_mapping",
  "DeviceSerialNumber": "51066",
  "ProcedureStepDescription": "MR-PET_Scan",
  "PixelBandwidth": 260,
  "InstitutionalDepartmentName": "Department",
  "Modality": "MR",
  "IntendedFor": [
    "func/sub-01_task-rest_run-1_bold.nii.gz",
    "func/sub-01_task-rest_run-2_bold.nii.gz",
    "func/sub-01_task-rest_run-3_bold.nii.gz",
    "func/sub-01_task-rest_run-4_bold.nii.gz",
    "func/sub-01_task-rest_run-5_bold.nii.gz",
    "func/sub-01_task-rest_run-6_bold.nii.gz"
  ],
  "PartialFourier": 1,
  "ConversionSoftwareVersion": "v1.0.20200331",
  "PatientPosition": "HFS",
  "ImageType": [
    "ORIGINAL",
    "PRIMARY",
    "M",
    "ND",
    "NORM"
  ],
  "CoilString": "C:HEA;HEP;NEP",
  "ReconMatrixPE": 64,
  "ProtocolName": "gre_field_mapping",
  "FlipAngle": 60,
  "BaseResolution": 64,
  "DwellTime": 3e-05
}