{
  "PhaseEncodingDirection": "i",
  "TxRefAmp": 288.281,
  "InstitutionName": "Monash_Biomedical_Imaging",
  "SliceTiming": [
    0.2325,
    -0.001,
    -0.001,
    -0.001,
    -0.001,
    -0.001,
    -0.001,
    -0.001,
    -0.001,
    -0.001,
    -0.001,
    -0.001,
    -0.001,
    -0.001,
    -0.001,
    -0.001,
    -0.001,
    -0.001,
    -0.001,
    -0.001,
    -0.001,
    -0.001,
    -0.001,
    -0.001,
    -0.001,
    -0.001,
    -0.001,
    -0.001,
    -0.001,
    -0.001,
    -0.001,
    -0.001,
    -0.001,
    -0.001,
    -0.001,
    -0.001,
    -0.001,
    -0.001,
    -0.001,
    -0.001,
    -0.001,
    -0.001,
    -0.001,
    -0.001
  ],
  "SliceThickness": 3,
  "SpacingBetweenSlices": 3,
  "EchoTime": 0.00492,
  "StationName": "MRC51066",
  "PhaseEncodingSteps": 64,
  "ManufacturersModelName": "Biograph_mMR",
  "PercentPhaseFOV": 100,
  "SoftwareVersions": "syngo_MR_B20P",
  "InstitutionAddress": "Blackburn_Road_770_Clayton_Victoria_AU_3168",
  "AcquisitionMatrixPE": 64,
  "ImagingFrequency": 123.239,
  "PhaseResolution": 1,
  "AcquisitionNumber": 1,
  "AcquisitionTime": "15:16:10.797500",
  "Manufacturer": "Siemens",
  "SeriesNumber": 13,
  "InPlanePhaseEncodingDirectionDICOM": "ROW",
  "SeriesDescription": "straight_gre_field_mapping",
  "EchoNumber": 1,
  "MagneticFieldStrength": 3,
  "ShimSetting": [
    -8307,
    -991,
    -4104,
    371,
    -289,
    -92,
    -488,
    -459
  ],
  "SequenceVariant": "SP",
  "SequenceName": "_fm2d2r",
  "PercentSampling": 100,
  "RepetitionTime": 0.466,
  "ImageOrientationPatientDICOM": [
    0.999995,
    4.86257e-05,
    -0.00307283,
    2.0696e-10,
    0.999875,
    0.0158225
  ],
  "SAR": 0.0962345,
  "ConversionSoftware": "dcm2niix",
  "MRAcquisitionType": "2D",
  "ScanningSequence": "GR",
  "ReceiveCoilName": "HeadNeck_MRPET",
  "PulseSequenceDetails": "%SiemensSeq%_gre_field_mapping",
  "DeviceSerialNumber": "51066",
  "ProcedureStepDescription": "MR-PET_Scan",
  "PixelBandwidth": 260,
  "InstitutionalDepartmentName": "Department",
  "Modality": "MR",
  "IntendedFor": [
    "func/sub-23_task-rest_run-1_bold.nii.gz",
    "func/sub-23_task-rest_run-2_bold.nii.gz",
    "func/sub-23_task-rest_run-3_bold.nii.gz",
    "func/sub-23_task-rest_run-4_bold.nii.gz",
    "func/sub-23_task-rest_run-5_bold.nii.gz",
    "func/sub-23_task-rest_run-6_bold.nii.gz"
  ],
  "PartialFourier": 1,
  "ConversionSoftwareVersion": "v1.0.20200331",
  "PatientPosition": "HFS",
  "ImageType": [
    "ORIGINAL",
    "PRIMARY",
    "M",
    "ND",
    "NORM"
  ],
  "CoilString": "C:HEA;HEP;NEP",
  "ReconMatrixPE": 64,
  "ProtocolName": "straight_gre_field_mapping",
  "FlipAngle": 60,
  "BaseResolution": 64,
  "DwellTime": 3e-05
}