{
    "TracerMolecularWeight": 181.26,
    "InjectedRadioactivityUnit": "MBq",
    "ScanStart": "12:59:46",
    "InjectedMassPerWeightUnit": "MBq/mL",
    "DeviceSerialNumber": "51066",
    "AcquisitionMode": "list mode",
    "InstitutionName": "Monash University",
    "ReconMatrixPE": 344,
    "ReconMethodParameterUnit": [
        "none",
        "none",
        "none"
    ],
    "ScanDate": "2017:06:01",
    "PharmaceuticalDoseRegimen": "IV infusion",
    "SpecificRadioactivityUnit": "MBq",
    "SeriesNumber": 40001,
    "ReconMethodParameterLabels": [
        "subsets",
        "iterations",
        "zoom"
    ],
    "PharmaceuticalDoseTimeUnit": "s",
    "ReconMatrixSize": 344,
    "SliceThickness": 2.03125,
    "ReconFilterType": "Gaussian",
    "ConversionSoftwareVersion": "v1.0.20200331",
    "ManufacturersModelName": "Biograph_mMR",
    "TracerSNOMED": "http://purl.bioontology.org/ontology/SNOMEDCT/764660008",
    "FrameTimesStart": [
        86399,
        15,
        31,
        47,
        63,
        79,
        95,
        111,
        127,
        143,
        159,
        175,
        191,
        207,
        223,
        239,
        255,
        271,
        287,
        303,
        319,
        335,
        351,
        367,
        383,
        399,
        415,
        431,
        447,
        463,
        479,
        495,
        511,
        527,
        543,
        559,
        575,
        591,
        607,
        623,
        639,
        655,
        671,
        687,
        703,
        719,
        735,
        751,
        767,
        783,
        799,
        815,
        831,
        847,
        863,
        879,
        895,
        911,
        927,
        943,
        959,
        975,
        991,
        1007,
        1023,
        1039,
        1055,
        1071,
        1087,
        1103,
        1119,
        1135,
        1151,
        1167,
        1183,
        1199,
        1215,
        1231,
        1247,
        1263,
        1279,
        1295,
        1311,
        1327,
        1343,
        1359,
        1375,
        1391,
        1407,
        1423,
        1439,
        1455,
        1471,
        1487,
        1503,
        1519,
        1535,
        1551,
        1567,
        1583,
        1599,
        1615,
        1631,
        1647,
        1663,
        1679,
        1695,
        1711,
        1727,
        1743,
        1759,
        1775,
        1791,
        1807,
        1823,
        1839,
        1855,
        1871,
        1887,
        1903,
        1919,
        1935,
        1951,
        1967,
        1983,
        1999,
        2015,
        2031,
        2047,
        2063,
        2079,
        2095,
        2111,
        2127,
        2143,
        2159,
        2175,
        2191,
        2207,
        2223,
        2239,
        2255,
        2271,
        2287,
        2303,
        2319,
        2335,
        2351,
        2367,
        2383,
        2399,
        2415,
        2431,
        2447,
        2463,
        2479,
        2495,
        2511,
        2527,
        2543,
        2559,
        2575,
        2591,
        2607,
        2623,
        2639,
        2655,
        2671,
        2687,
        2703,
        2719,
        2735,
        2751,
        2767,
        2783,
        2799,
        2815,
        2831,
        2847,
        2863,
        2879,
        2895,
        2911,
        2927,
        2943,
        2959,
        2975,
        2991,
        3007,
        3023,
        3039,
        3055,
        3071,
        3087,
        3103,
        3119,
        3135,
        3151,
        3167,
        3183,
        3199,
        3215,
        3231,
        3247,
        3263,
        3279,
        3295,
        3311,
        3327,
        3343,
        3359,
        3375,
        3391,
        3407,
        3423,
        3439,
        3455,
        3471,
        3487,
        3503,
        3519,
        3535,
        3551,
        3567,
        3583,
        3599,
        3615,
        3631,
        3647,
        3663,
        3679,
        3695,
        3711,
        3727,
        3743,
        3759,
        3775,
        3791,
        3807,
        3823,
        3839,
        3855,
        3871,
        3887,
        3903,
        3919,
        3935,
        3951,
        3967,
        3983,
        3999,
        4015,
        4031,
        4047,
        4063,
        4079,
        4095,
        4111,
        4127,
        4143,
        4159,
        4175,
        4191,
        4207,
        4223,
        4239,
        4255,
        4271,
        4287,
        4303,
        4319,
        4335,
        4351,
        4367,
        4383,
        4399,
        4415,
        4431,
        4447,
        4463,
        4479,
        4495,
        4511,
        4527,
        4543,
        4559,
        4575,
        4591,
        4607,
        4623,
        4639,
        4655,
        4671,
        4687,
        4703,
        4719,
        4735,
        4751,
        4767,
        4783,
        4799,
        4815,
        4831,
        4847,
        4863,
        4879,
        4895,
        4911,
        4927,
        4943,
        4959,
        4975,
        4991,
        5007,
        5023,
        5039,
        5055,
        5071,
        5087,
        5103,
        5119,
        5135,
        5151,
        5167,
        5183,
        5199,
        5215,
        5231,
        5247,
        5263,
        5279,
        5295,
        5311,
        5327,
        5343,
        5359,
        5375,
        5391,
        5407,
        5423,
        5439,
        5455,
        5471,
        5487,
        5503,
        5519,
        5535,
        5551,
        5567,
        5583,
        5599,
        5615,
        5631,
        5647,
        5663,
        5679
    ],
    "TracerRadLex": "RID11701",
    "InjectionStart": "13:00:22",
    "TracerMolecularWeightUnit": "g/mol",
    "DecayCorrectionFactor": 1.07238,
    "Manufacturer": "Siemens",
    "ImageDecayCorrectionTime": "12:59:46",
    "FrameTimesStartUnit": "s",
    "BloodDiscreteDensity": "17.7",
    "InfusionSpeedUnit": "mL/s",
    "ImageOrientationPatientDICOM": [
        1,
        0,
        0,
        0,
        1,
        0
    ],
    "FrameDuration": 16,
    "BodyPart": "brain",
    "ContinuousBloodDispersionCorrected": false,
    "DoseCalibrationFactor": 20117100.0,
    "RadionuclideHalfLife": 6586.2,
    "ImageDecayCorrected": true,
    "InfusionSpeed": 0.01,
    "PharmaceuticalDoseUnit": "Bq/g",
    "DiameterFOV": 258,
    "BaseResolution": 192,
    "InjectedVolumeUnit": "mL",
    "FrameDurationUnit": "s",
    "ImageVoxelSize": [
        1.39084,
        1.39084,
        2.03125
    ],
    "AttenuationCorrection": "DIXON Brain HiRes",
    "ReceiveCoilName": "HeadNeck_MRPET",
    "PharmaceuticalDoseTime": [
        0,
        90
    ],
    "ContinuousBloodAvail": false,
    "ReconMethodName": "3D Iterative",
    "TxRefAmp": 284.323,
    "AcquisitionMatrixPE": 192,
    "RadionuclidePositronFraction": 0.97,
    "InjectedRadioactivity": "208.96",
    "ShimSetting": [
        -8343,
        -967,
        -3926,
        262,
        -152,
        -136,
        -400,
        -250
    ],
    "InstitutionAddress": "Blackburn_Road_770_Clayton_Victoria_AU_3168",
    "MetaboliteRecoveryCorrectionApplied": false,
    "ImageType": [
        "ORIGINAL",
        "PRIMARY",
        "DYNAMIC",
        "AC"
    ],
    "Unit": "Bq/ml",
    "ImageOrientation": "3D",
    "PlasmaAvail": false,
    "Modality": "petmr",
    "DiameterFOVUnit": "mm",
    "TracerRadionuclide": "F18",
    "StationName": "MRC51066",
    "ModeOfAdministration": "infusion",
    "TracerName": "FDG",
    "ScatterFraction": 44.32,
    "InstitutionalDepartmentName": "Biomedical Imaging",
    "PhaseResolution": 1,
    "AcquisitionTime": "12:56:35.000000",
    "MetaboliteAvail": false,
    "ReconMethodParameterValues": [
        21,
        3,
        1
    ],
    "ReconFilterSize": 4,
    "ConversionSoftware": "dcm2niix",
    "RadionuclideTotalDose": 203700000.0,
    "SoftwareVersions": "syngo_MR_B20P",
    "ImageComments": "PET_AC",
    "BloodDiscreteAvail": false,
    "TimeZero": "12:59:46",
    "PatientPosition": "HFS",
    "ProcedureStepDescription": "MR-PET_Scan",
    "ReconMethodImplementationVersion": "Syngo VB20 P"
}